GEM
  remote: https://rubygems.org/
  specs:
    celluloid (0.16.0)
      timers (~> 4.0.0)
    coderay (1.1.0)
    colorator (0.1)
    ffi (1.9.8)
    ffi (1.9.8-x86-mingw32)
    hitimes (1.2.2)
    hitimes (1.2.2-x86-mingw32)
    jekyll (3.0.0.pre.beta2)
      colorator (~> 0.1)
      jekyll-sass-converter (~> 1.0)
      jekyll-watch (~> 1.1)
      kramdown (~> 1.3)
      liquid (~> 3.0)
      mercenary (~> 0.3.3)
      rouge (~> 1.7)
      safe_yaml (~> 1.0)
    jekyll-sass-converter (1.3.0)
      sass (~> 3.2)
    jekyll-sitemap (0.7.0)
    jekyll-watch (1.2.1)
      listen (~> 2.7)
    kramdown (1.6.0)
    libv8 (3.16.14.7)
    liquid (3.0.1)
    listen (2.10.0)
      celluloid (~> 0.16.0)
      rb-fsevent (>= 0.9.3)
      rb-inotify (>= 0.9)
    mercenary (0.3.5)
    rb-fsevent (0.9.4)
    rb-inotify (0.9.5)
      ffi (>= 0.5.0)
    ref (1.0.5)
    rouge (1.8.0)
    ruby-oembed (0.8.12)
    safe_yaml (1.0.4)
    sass (3.4.5)
    therubyracer (0.12.1)
      libv8 (~> 3.16.14.0)
      ref
    timers (4.0.1)
      hitimes

PLATFORMS
  ruby
  x86-mingw32

DEPENDENCIES
  coderay
  jekyll (= 3.0.0.pre.beta2)
  jekyll-sitemap
  ruby-oembed
  sass (= 3.4.5)
  therubyracer
